GEM
  remote: https://rubygems.org/
  specs:
    kgio (2.10.0)
    minitest (5.10.1)
    oj (2.18.0)
    rack (1.6.5)
    rack-protection (1.5.3)
      rack
    rack-test (0.6.3)
      rack (>= 1.0)
    raindrops (0.17.0)
    rake (11.3.0)
    rogdl (0.2.3)
    sinatra (1.4.7)
      rack (~> 1.5)
      rack-protection (~> 1.4)
      tilt (>= 1.3, < 3)
    tilt (2.0.5)
    unicorn (5.2.0)
      kgio (~> 2.6)
      raindrops (~> 0.7)

PLATFORMS
  ruby

DEPENDENCIES
  bundler
  minitest
  oj
  rack-test
  rake
  rogdl
  sinatra
  unicorn

RUBY VERSION
   ruby 2.3.1p112

BUNDLED WITH
   1.13.6
