GEM
  remote: https://rubygems.org/
  specs:
    kgio (2.10.0)
    minitest (5.8.4)
    oj (2.15.0)
    rack (1.6.4)
    rack-protection (1.5.3)
      rack
    rack-test (0.6.3)
      rack (>= 1.0)
    raindrops (0.16.0)
    rake (11.1.2)
    rogdl (0.2.3)
    sinatra (1.4.7)
      rack (~> 1.5)
      rack-protection (~> 1.4)
      tilt (>= 1.3, < 3)
    tilt (2.0.2)
    unicorn (5.0.1)
      kgio (~> 2.6)
      rack
      raindrops (~> 0.7)

PLATFORMS
  ruby

DEPENDENCIES
  bundler
  minitest
  oj
  rack-test
  rake
  rogdl
  sinatra
  unicorn

BUNDLED WITH
   1.11.2
