GEM
  remote: https://rubygems.org/
  specs:
    minitest (5.10.3)
    mustermann (1.0.1)
    puma (3.11.0)
    rack (2.0.3)
    rack-protection (2.0.0)
      rack
    rack-test (0.8.2)
      rack (>= 1.0, < 3)
    rake (12.3.0)
    rogdl (0.2.3)
    sinatra (2.0.0)
      mustermann (~> 1.0)
      rack (~> 2.0)
      rack-protection (= 2.0.0)
      tilt (~> 2.0)
    tilt (2.0.8)

PLATFORMS
  ruby

DEPENDENCIES
  bundler
  minitest
  puma
  rack-test
  rake
  rogdl
  sinatra

RUBY VERSION
   ruby 2.4.2p198

BUNDLED WITH
   1.16.0
